GEM
  remote: https://rubygems.org/
  specs:
    addressable (2.8.1)
      public_suffix (>= 2.0.2, < 6.0)
    dir (0.1.2)
    ffi (1.15.5)
    git (1.12.0)
      addressable (~> 2.8)
      rchardet (~> 1.8)
    listen (3.7.1)
      rb-fsevent (~> 0.10, >= 0.10.3)
      rb-inotify (~> 0.9, >= 0.9.10)
    mustermann (3.0.0)
      ruby2_keywords (~> 0.0.1)
    nio4r (2.5.8)
    public_suffix (5.0.0)
    puma (6.0.0)
      nio4r (~> 2.0)
    rack (2.2.4)
    rack-protection (3.0.4)
      rack
    rb-fsevent (0.11.2)
    rb-inotify (0.10.1)
      ffi (~> 1.0)
    rchardet (1.8.0)
    rerun (0.13.1)
      listen (~> 3.0)
    ruby2_keywords (0.0.5)
    sinatra (3.0.4)
      mustermann (~> 3.0)
      rack (~> 2.2, >= 2.2.4)
      rack-protection (= 3.0.4)
      tilt (~> 2.0)
    sinatra-cross_origin (0.4.0)
    tilt (2.0.11)

PLATFORMS
  x86_64-linux

DEPENDENCIES
  dir
  git
  puma
  rerun
  sinatra
  sinatra-cross_origin

BUNDLED WITH
   2.3.7
